PATH
  remote: .
  specs:
    BabyNames (0.1.0)

GEM
  remote: https://rubygems.org/
  specs:
    rake (13.0.1)
    require_all (3.0.0)

PLATFORMS
  ruby

DEPENDENCIES
  BabyNames!
  bundler (~> 2.0)
  rake (~> 13.0)
  require_all

BUNDLED WITH
   2.0.1
