PATH
  remote: .
  specs:
    BabyNames (0.1.0)

GEM
  remote: https://rubygems.org/
  specs:
    rake (10.5.0)
    require_all (3.0.0)

PLATFORMS
  ruby

DEPENDENCIES
  BabyNames!
  bundler (~> 2.0)
  rake (~> 10.0)
  require_all

BUNDLED WITH
   2.0.1
